GIT
  remote: git://github.com/ravenstine/em-http-server.git
  revision: a44c7f6cfab3a66c8d001f04ebcad1bcb2697001
  specs:
    em-http-server (0.1.9)
      eventmachine

GEM
  remote: https://rubygems.org/
  specs:
    coderay (1.1.0)
    domain_name (0.5.23)
      unf (>= 0.0.5, < 1.0.0)
    eventmachine (1.0.7)
    http-cookie (1.0.2)
      domain_name (~> 0.5)
    json (1.8.2)
    method_source (0.8.2)
    mime-types (2.4.3)
    mini_portile (0.6.2)
    multi_json (1.10.1)
    netrc (0.10.3)
    nokogiri (1.6.6.2)
      mini_portile (~> 0.6.0)
    progressbar (0.21.0)
    pry (0.10.1)
      coderay (~> 1.1.0)
      method_source (~> 0.8.1)
      slop (~> 3.4)
    rest-client (1.8.0)
      http-cookie (>= 1.0.2, < 2.0)
      mime-types (>= 1.16, < 3.0)
      netrc (~> 0.7)
    slop (3.6.0)
    unf (0.1.4)
      unf_ext
    unf_ext (0.0.6)
    viddl-rb (1.1.1)
      multi_json (~> 1.10.0)
      nokogiri (~> 1.6.0)
      progressbar (~> 0.21)
      rest-client

PLATFORMS
  ruby

DEPENDENCIES
  em-http-server!
  eventmachine
  json
  pry
  viddl-rb
